NUGET
  remote: https://api.nuget.org/v3/index.json
    Microsoft.Extensions.DependencyInjection (2.2)
      Microsoft.Extensions.DependencyInjection.Abstractions (>= 2.2) - restriction: || (>= net461) (>= netstandard2.0)
    Microsoft.Extensions.DependencyInjection.Abstractions (2.2) - restriction: || (>= net461) (>= netstandard2.0)
