NUGET
  remote: https://api.nuget.org/v3/index.json
    Microsoft.Extensions.DependencyInjection (3.0.0-preview6.19304.6)
      Microsoft.Extensions.DependencyInjection.Abstractions (>= 3.0.0-preview6.19304.6) - restriction: || (>= net461) (>= netstandard2.0)
    Microsoft.Extensions.DependencyInjection.Abstractions (3.0.0-preview6.19304.6) - restriction: || (>= net461) (>= netstandard2.0)
